GIT
  remote: git://github.com/polar/communityengine.git
  revision: f01c158d10b65e12074e709a18e33e19c9ac6001
  branch: rails3
  specs:
    community_engine (2.0.0.beta4)
      acts_as_commentable (= 3.0.1)
      authlogic
      aws-s3
      bborn-acts-as-taggable-on (~> 2.2.1)
      bcrypt-ruby
      configatron
      dynamic_form
      friendly_id (~> 3.3)
      haml
      hpricot
      htmlentities
      kaminari
      koala
      meta_search (= 1.1.3)
      omniauth (= 0.3.2)
      paperclip (~> 3.2.0)
      prototype-rails
      rack (>= 1.4.1)
      rails (~> 3.2.0)
      rails_autolink
      rakismet
      recaptcha
      ri_cal
      sanitize (>= 2.0.3)
      sass-rails (~> 3.2.3)
      tinymce-rails (~> 3.5.4)

GIT
  remote: git://github.com/technoweenie/acts_as_versioned.git
  revision: 63b1fc8529d028fae632fe80ec0cb25df56cd76b
  specs:
    acts_as_versioned (0.6.0)
      activerecord (>= 3.0.9)

PATH
  remote: /d/comatose-engine
  specs:
    comatose (4.0.0)
      RedCloth (~> 4.2.0)
      acts_as_tree (~> 1.1.0)
      acts_as_versioned (~> 0.6.0)
      client_side_validations (~> 3.1.0)
      jquery-rails
      liquid (~> 2.4.0)
      paperclip (~> 3.2.0)
      rails (~> 3.2.0)
      remotipart (~> 1.0.0)
      responds_to_parent (~> 1.1.0)

GEM
  remote: https://rubygems.org/
  specs:
    RedCloth (4.2.9)
    XMLCanonicalizer (1.0.1)
      log4r (>= 1.0.4)
    actionmailer (3.2.8)
      actionpack (= 3.2.8)
      mail (~> 2.4.4)
    actionpack (3.2.8)
      activemodel (= 3.2.8)
      activesupport (= 3.2.8)
      builder (~> 3.0.0)
      erubis (~> 2.7.0)
      journey (~> 1.0.4)
      rack (~> 1.4.0)
      rack-cache (~> 1.2)
      rack-test (~> 0.6.1)
      sprockets (~> 2.1.3)
    activemodel (3.2.8)
      activesupport (= 3.2.8)
      builder (~> 3.0.0)
    activerecord (3.2.8)
      activemodel (= 3.2.8)
      activesupport (= 3.2.8)
      arel (~> 3.0.2)
      tzinfo (~> 0.3.29)
    activeresource (3.2.8)
      activemodel (= 3.2.8)
      activesupport (= 3.2.8)
    activesupport (3.2.8)
      i18n (~> 0.6)
      multi_json (~> 1.0)
    acts_as_commentable (3.0.1)
    acts_as_tree (1.1.0)
      activerecord (>= 3.0.0)
    addressable (2.2.8)
    arel (3.0.2)
    authlogic (3.1.3)
      activerecord (>= 3.0.0)
      activesupport (>= 3.0.0)
    aws-s3 (0.6.3)
      builder
      mime-types
      xml-simple
    babosa (0.3.8)
    bborn-acts-as-taggable-on (2.2.1)
      rails (> 3.1)
    bcrypt-ruby (3.0.1)
    blankslate (3.1.2)
    builder (3.0.3)
    capistrano (2.13.3)
      highline
      net-scp (>= 1.0.0)
      net-sftp (>= 2.0.0)
      net-ssh (>= 2.0.14)
      net-ssh-gateway (>= 1.1.0)
    chronic (0.8.0)
    client_side_validations (3.1.4)
    cocaine (0.3.0)
    coffee-rails (3.2.2)
      coffee-script (>= 2.2.0)
      railties (~> 3.2.0)
    coffee-script (2.2.0)
      coffee-script-source
      execjs
    coffee-script-source (1.3.3)
    columnize (0.3.6)
    configatron (2.9.1)
      yamler (>= 0.1.0)
    date_validator (0.6.3)
      activemodel (~> 3.0)
    debugger (1.2.0)
      columnize (>= 0.3.1)
      debugger-linecache (~> 1.1.1)
      debugger-ruby_core_source (~> 1.1.3)
    debugger-linecache (1.1.2)
      debugger-ruby_core_source (>= 1.1.1)
    debugger-ruby_core_source (1.1.3)
    dynamic_form (1.1.4)
    erubis (2.7.0)
    execjs (1.4.0)
      multi_json (~> 1.0)
    faraday (0.7.6)
      addressable (~> 2.2)
      multipart-post (~> 1.1)
      rack (~> 1.1)
    friendly_id (3.3.3.0)
      babosa (~> 0.3.0)
    haml (3.1.7)
    highline (1.6.15)
    hike (1.2.1)
    hpricot (0.8.6)
    htmlentities (4.3.1)
    i18n (0.6.1)
    jbuilder (0.5.0)
      activesupport (>= 3.0.0)
      blankslate (>= 2.1.2.4)
    journey (1.0.4)
    jquery-rails (2.1.2)
      railties (>= 3.1.0, < 5.0)
      thor (~> 0.14)
    json (1.7.5)
    kaminari (0.14.1)
      actionpack (>= 3.0.0)
      activesupport (>= 3.0.0)
    koala (1.4.0)
      faraday (~> 0.7.0)
      multi_json (~> 1.0)
    liquid (2.4.1)
    log4r (1.1.10)
    macaddr (1.6.1)
      systemu (~> 2.5.0)
    mail (2.4.4)
      i18n (>= 0.4.0)
      mime-types (~> 1.16)
      treetop (~> 1.4.8)
    meta_search (1.1.3)
      actionpack (~> 3.1)
      activerecord (~> 3.1)
      activesupport (~> 3.1)
      polyamorous (~> 0.5.0)
    mime-types (1.19)
    multi_json (1.0.4)
    multi_xml (0.4.4)
    multipart-post (1.1.5)
    mysql2 (0.3.11)
    net-ldap (0.2.2)
    net-scp (1.0.4)
      net-ssh (>= 1.99.1)
    net-sftp (2.0.5)
      net-ssh (>= 2.0.9)
    net-ssh (2.5.2)
    net-ssh-gateway (1.1.0)
      net-ssh (>= 1.99.1)
    nokogiri (1.5.5)
    oa-basic (0.3.2)
      oa-core (= 0.3.2)
      rest-client (~> 1.6.0)
    oa-core (0.3.2)
    oa-enterprise (0.3.2)
      XMLCanonicalizer (~> 1.0.1)
      addressable (~> 2.2.6)
      net-ldap (~> 0.2.2)
      nokogiri (~> 1.5.0)
      oa-core (= 0.3.2)
      pyu-ruby-sasl (~> 0.0.3.1)
      rubyntlm (~> 0.1.1)
      uuid
    oa-more (0.3.2)
      multi_json (~> 1.0.0)
      oa-core (= 0.3.2)
      rest-client (~> 1.6.0)
    oa-oauth (0.3.2)
      faraday (~> 0.7.3)
      multi_json (~> 1.0.0)
      multi_xml (~> 0.4.0)
      oa-core (= 0.3.2)
      oauth (~> 0.4.0)
      oauth2 (~> 0.5.0)
    oa-openid (0.3.2)
      oa-core (= 0.3.2)
      rack-openid (~> 1.3.1)
      ruby-openid-apps-discovery (~> 1.2.0)
    oauth (0.4.7)
    oauth2 (0.5.2)
      faraday (~> 0.7)
      multi_json (~> 1.0)
    omniauth (0.3.2)
      oa-basic (= 0.3.2)
      oa-core (= 0.3.2)
      oa-enterprise (= 0.3.2)
      oa-more (= 0.3.2)
      oa-oauth (= 0.3.2)
      oa-openid (= 0.3.2)
    paperclip (3.2.0)
      activemodel (>= 3.0.0)
      activerecord (>= 3.0.0)
      activesupport (>= 3.0.0)
      cocaine (>= 0.0.2)
      mime-types
    polyamorous (0.5.0)
      activerecord (~> 3.0)
    polyglot (0.3.3)
    prototype-rails (3.2.1)
      rails (~> 3.2)
    pyu-ruby-sasl (0.0.3.3)
    rack (1.4.1)
    rack-cache (1.2)
      rack (>= 0.4)
    rack-openid (1.3.1)
      rack (>= 1.1.0)
      ruby-openid (>= 2.1.8)
    rack-ssl (1.3.2)
      rack
    rack-test (0.6.1)
      rack (>= 1.0)
    rails (3.2.8)
      actionmailer (= 3.2.8)
      actionpack (= 3.2.8)
      activerecord (= 3.2.8)
      activeresource (= 3.2.8)
      activesupport (= 3.2.8)
      bundler (~> 1.0)
      railties (= 3.2.8)
    rails_autolink (1.0.9)
      rails (~> 3.1)
    railties (3.2.8)
      actionpack (= 3.2.8)
      activesupport (= 3.2.8)
      rack-ssl (~> 1.3.2)
      rake (>= 0.8.7)
      rdoc (~> 3.4)
      thor (>= 0.14.6, < 2.0)
    rake (0.9.2.2)
    rakismet (1.3.0)
    rdoc (3.12)
      json (~> 1.4)
    recaptcha (0.3.4)
    remotipart (1.0.2)
    responds_to_parent (1.1.0)
    rest-client (1.6.7)
      mime-types (>= 1.16)
    ri_cal (0.8.8)
    ruby-openid (2.2.0)
    ruby-openid-apps-discovery (1.2.0)
      ruby-openid (>= 2.1.7)
    rubyntlm (0.1.1)
    sanitize (2.0.3)
      nokogiri (>= 1.4.4, < 1.6)
    sass (3.2.1)
    sass-rails (3.2.5)
      railties (~> 3.2.0)
      sass (>= 3.1.10)
      tilt (~> 1.3)
    sprockets (2.1.3)
      hike (~> 1.2)
      rack (~> 1.0)
      tilt (~> 1.1, != 1.3.0)
    systemu (2.5.2)
    thor (0.16.0)
    tilt (1.3.3)
    timezone (0.1.5)
    tinymce-rails (3.5.6)
      railties (>= 3.1.1)
    treetop (1.4.10)
      polyglot
      polyglot (>= 0.3.1)
    tzinfo (0.3.33)
    uglifier (1.3.0)
      execjs (>= 0.3.0)
      multi_json (~> 1.0, >= 1.0.2)
    uuid (2.3.5)
      macaddr (~> 1.0)
    will_paginate (3.0.3)
    xml-simple (1.1.1)
    yamler (0.1.0)

PLATFORMS
  ruby

DEPENDENCIES
  acts_as_versioned!
  capistrano
  chronic
  coffee-rails (~> 3.2.1)
  comatose!
  community_engine!
  date_validator
  debugger
  jbuilder
  jquery-rails
  multi_json (= 1.0.4)
  mysql2
  rails (= 3.2.8)
  sass-rails (~> 3.2.3)
  timezone
  uglifier (>= 1.0.3)
  will_paginate
